NUGET
  remote: https://www.nuget.org/api/v2
  specs:
    Accord (3.0.2)
    Accord.Audio (3.0.2)
      Accord (>= 3.0.2)
      Accord.Math (>= 3.0.2)
    Accord.DirectSound (3.0.2)
      Accord (>= 3.0.2)
      Accord.Audio (>= 3.0.2)
      Accord.Math (>= 3.0.2)
      SharpDX.DirectSound (>= 2.6.0)
    Accord.Math (3.0.2)
      Accord (>= 3.0.2)
    ExtCore (0.8.45)
    FSharp.Core (4.0.0.1)
    FSharpx.Collections (1.12.1)
      FSharp.Core
    SharpDX (2.6.3)
    SharpDX.DirectSound (2.6.3)
      SharpDX (>= 2.6.3)
